GEM
  remote: https://rubygems.org/
  specs:
    addressable (2.8.0)
      public_suffix (>= 2.0.2, < 5.0)
    launchy (2.5.0)
      addressable (~> 2.7)
    public_suffix (4.0.7)

PLATFORMS
  arm64-darwin-20

DEPENDENCIES
  launchy

RUBY VERSION
   ruby 2.7.4p191

BUNDLED WITH
   2.3.17
